GEM
  remote: https://rubygems.org/
  specs:
    snitcher (0.4.0)

PLATFORMS
  ruby

DEPENDENCIES
  snitcher

BUNDLED WITH
   1.13.6
